PATH
  remote: .
  specs:
    mattscilipoti-model_steps (0.3.5)
      aaronh-chronic (~> 0.3.9)
      friendly_id (~> 3.0)

GEM
  remote: http://rubygems.org/
  specs:
    aaronh-chronic (0.3.9)
    babosa (0.2.0)
    builder (2.1.2)
    cucumber (0.9.2)
      builder (~> 2.1.2)
      diff-lcs (~> 1.1.2)
      gherkin (~> 2.2.5)
      json (~> 1.4.6)
      term-ansicolor (~> 1.0.5)
    diff-lcs (1.1.2)
    friendly_id (3.1.7)
      babosa (~> 0.2.0)
    gherkin (2.2.9)
      json (~> 1.4.6)
      term-ansicolor (~> 1.0.5)
    json (1.4.6)
    micronaut (0.3.0)
    term-ansicolor (1.0.5)

PLATFORMS
  ruby

DEPENDENCIES
  aaronh-chronic (~> 0.3.9)
  cucumber
  friendly_id (~> 3.0)
  mattscilipoti-model_steps!
  micronaut
